PATH
  remote: .
  specs:
    frasco (0.0.1)

GEM
  remote: https://rubygems.org/
  specs:
    rake (10.1.0)
    thor (0.18.1)

PLATFORMS
  ruby

DEPENDENCIES
  bundler (~> 1.3)
  frasco!
  rake
  thor
